GEM
  remote: https://rubygems.org/
  specs:
    dotenv (2.4.0)

PLATFORMS
  ruby

DEPENDENCIES
  dotenv

BUNDLED WITH
   1.16.1
